PATH
  remote: .
  specs:
    trailblazer-operation (1.2.0)
      declarative
      uber (>= 0.0.15)

GEM
  remote: https://rubygems.org/
  specs:
    concurrent-ruby (1.0.2)
    declarative (0.0.8)
      uber (>= 0.0.15)
    dry-auto_inject (0.4.1)
      dry-container (>= 0.3.4)
    dry-configurable (0.1.7)
      concurrent-ruby (~> 1.0)
    dry-container (0.4.0)
      concurrent-ruby (~> 1.0)
      dry-configurable (~> 0.1, >= 0.1.3)
    dry-matcher (0.5.0)
    minitest (5.9.0)
    minitest-line (0.6.3)
      minitest (~> 5.0)
    multi_json (1.12.1)
    rake (11.2.2)
    uber (0.0.15)

PLATFORMS
  ruby

DEPENDENCIES
  bundler
  dry-auto_inject
  dry-matcher
  minitest
  minitest-line
  multi_json
  rake
  trailblazer-operation!

BUNDLED WITH
   1.12.5
